GEM
  remote: https://rubygems.org/
  specs:
    json (1.8.3)
    mysql2 (0.4.2)
    os (0.9.6)
    parseconfig (1.0.6)
    pg (0.18.4)
    sequel (4.30.0)
    silkroad (0.1.0)
    sqlite3 (1.3.11)

PLATFORMS
  ruby

DEPENDENCIES
  json
  mysql2
  os
  parseconfig
  pg
  sequel
  silkroad
  sqlite3

BUNDLED WITH
   1.11.2
