GEM
  remote: https://rubygems.org/
  specs:
    json (1.8.3)
    os (0.9.6)
    parseconfig (1.0.6)
    pg (0.18.4)
    pg (0.18.4-x64-mingw32)
    sequel (4.30.0)
    silkroad (0.1.0)
    sqlite3 (1.3.11)
    sqlite3 (1.3.11-x64-mingw32)

PLATFORMS
  ruby
  x64-mingw32

DEPENDENCIES
  json
  os
  parseconfig
  pg
  sequel
  silkroad
  sqlite3

BUNDLED WITH
   1.11.0
